GEM
  remote: https://rubygems.org/
  specs:
    addressable (2.4.0)
    cookiejar (0.3.0)
    daemons (1.2.3)
    dotenv (2.1.1)
    em-hiredis (0.3.1)
      eventmachine (~> 1.0)
      hiredis (~> 0.6.0)
    em-http-request (1.1.3)
      addressable (>= 2.3.4)
      cookiejar (<= 0.3.0)
      em-socksify (>= 0.3)
      eventmachine (>= 1.0.3)
      http_parser.rb (>= 0.6.0)
    em-socksify (0.3.1)
      eventmachine (>= 1.0.0.beta.4)
    eventmachine (1.2.0.1)
    faye (1.1.2)
      cookiejar (>= 0.3.0)
      em-http-request (>= 0.3.0)
      eventmachine (>= 0.12.0)
      faye-websocket (>= 0.9.1)
      multi_json (>= 1.0.0)
      rack (>= 1.0.0)
      websocket-driver (>= 0.5.1)
    faye-redis (0.2.0)
      em-hiredis (>= 0.2.0)
      eventmachine (>= 0.12.0)
      multi_json (>= 1.0.0)
    faye-websocket (0.10.3)
      eventmachine (>= 0.12.0)
      websocket-driver (>= 0.5.1)
    foreman (0.78.0)
      thor (~> 0.19.1)
    hiredis (0.6.1)
    http_parser.rb (0.6.0)
    multi_json (1.11.2)
    private_pub (1.0.3)
      faye
    puma (3.4.0)
    rack (1.6.4)
    thin (1.6.4)
      daemons (~> 1.0, >= 1.0.9)
      eventmachine (~> 1.0, >= 1.0.4)
      rack (~> 1.0)
    thor (0.19.1)
    websocket-driver (0.6.3)
      websocket-extensions (>= 0.1.0)
    websocket-extensions (0.1.2)

PLATFORMS
  ruby

DEPENDENCIES
  dotenv
  faye
  faye-redis
  foreman
  private_pub (= 1.0.3)
  puma
  thin

BUNDLED WITH
   1.10.3
